GEM
  remote: https://rubygems.org/
  specs:
    httpclient (2.8.3)
    nationbuilder-rb (1.6.0)
      httpclient (~> 2.7)
    rack (2.1.4)

PLATFORMS
  ruby

DEPENDENCIES
  nationbuilder-rb
  rack

BUNDLED WITH
   1.12.0

